GEM
  remote: https://rubygems.org/
  specs:
    RedCloth (4.3.2)
    ZenTest (4.11.1)
    actionmailer (4.2.10)
      actionpack (= 4.2.10)
      actionview (= 4.2.10)
      activejob (= 4.2.10)
      mail (~> 2.5, >= 2.5.4)
      rails-dom-testing (~> 1.0, >= 1.0.5)
    actionpack (4.2.10)
      actionview (= 4.2.10)
      activesupport (= 4.2.10)
      rack (~> 1.6)
      rack-test (~> 0.6.2)
      rails-dom-testing (~> 1.0, >= 1.0.5)
      rails-html-sanitizer (~> 1.0, >= 1.0.2)
    actionview (4.2.10)
      activesupport (= 4.2.10)
      builder (~> 3.1)
      erubis (~> 2.7.0)
      rails-dom-testing (~> 1.0, >= 1.0.5)
      rails-html-sanitizer (~> 1.0, >= 1.0.3)
    activejob (4.2.10)
      activesupport (= 4.2.10)
      globalid (>= 0.3.0)
    activemodel (4.2.10)
      activesupport (= 4.2.10)
      builder (~> 3.1)
    activerecord (4.2.10)
      activemodel (= 4.2.10)
      activesupport (= 4.2.10)
      arel (~> 6.0)
    activesupport (4.2.10)
      i18n (~> 0.7)
      minitest (~> 5.1)
      thread_safe (~> 0.3, >= 0.3.4)
      tzinfo (~> 1.1)
    acts_as_list (0.9.10)
      activerecord (>= 3.0)
    addressable (2.5.2)
      public_suffix (>= 2.0.2, < 4.0)
    american_date (1.1.1)
    arel (6.0.4)
    autotest-rails (4.2.1)
      ZenTest (~> 4.5)
    builder (3.2.3)
    capybara (2.18.0)
      addressable
      mini_mime (>= 0.1.3)
      nokogiri (>= 1.3.3)
      rack (>= 1.0.0)
      rack-test (>= 0.5.4)
      xpath (>= 2.0, < 4.0)
    capybara-webkit (1.15.0)
      capybara (>= 2.3, < 4.0)
      json
    ccls-common_lib (4.1.1)
    chronic (0.10.2)
    concurrent-ruby (1.0.5)
    crass (1.0.3)
    database_cleaner (1.6.2)
    docile (1.1.5)
    erubis (2.7.0)
    factory_bot (4.8.2)
      activesupport (>= 3.0.0)
    factory_bot_rails (4.8.2)
      factory_bot (~> 4.8.2)
      railties (>= 3.0.0)
    ffi (1.9.18)
    geocoder (1.4.5)
    globalid (0.4.1)
      activesupport (>= 4.2.0)
    highline (1.7.10)
    hpricot (0.8.6)
    i18n (0.9.5)
      concurrent-ruby (~> 1.0)
    jakewendt-active_record_sunspotter (4.3.1)
      progress_bar
      sunspot_rails
      sunspot_solr
      will_paginate
    jakewendt-html_test (4.0.0)
    jakewendt-test_with_verbosity (0.0.5)
    json (2.1.0)
    loofah (2.2.0)
      crass (~> 1.0.2)
      nokogiri (>= 1.5.9)
    mail (2.7.0)
      mini_mime (>= 0.1.1)
    metaclass (0.0.4)
    mini_mime (1.0.0)
    mini_portile2 (2.3.0)
    minitest (5.3.3)
    mocha (1.3.0)
      metaclass (~> 0.0.1)
    mysql (2.9.1)
    mysql2 (0.4.10)
    net-ldap (0.2.2)
    nokogiri (1.8.2)
      mini_portile2 (~> 2.3.0)
    options (2.3.2)
    passenger (5.2.0)
      rack
      rake (>= 0.8.1)
    pdf-core (0.7.0)
    power_assert (1.1.1)
    pr_geohash (1.0.0)
    prawn (2.2.2)
      pdf-core (~> 0.7.0)
      ttfunk (~> 1.5)
    prawnto (0.1.1)
      prawn
      rails (>= 2.1)
    progress_bar (1.2.0)
      highline (~> 1.6)
      options (~> 2.3.0)
    public_suffix (3.0.2)
    rack (1.6.8)
    rack-ssl (1.4.1)
      rack
    rack-test (0.6.3)
      rack (>= 1.0)
    rails (4.2.10)
      actionmailer (= 4.2.10)
      actionpack (= 4.2.10)
      actionview (= 4.2.10)
      activejob (= 4.2.10)
      activemodel (= 4.2.10)
      activerecord (= 4.2.10)
      activesupport (= 4.2.10)
      bundler (>= 1.3.0, < 2.0)
      railties (= 4.2.10)
      sprockets-rails
    rails-deprecated_sanitizer (1.0.3)
      activesupport (>= 4.2.0.alpha)
    rails-dom-testing (1.0.9)
      activesupport (>= 4.2.0, < 5.0)
      nokogiri (~> 1.6)
      rails-deprecated_sanitizer (>= 1.0.1)
    rails-html-sanitizer (1.0.3)
      loofah (~> 2.0)
    railties (4.2.10)
      actionpack (= 4.2.10)
      activesupport (= 4.2.10)
      rake (>= 0.8.7)
      thor (>= 0.18.1, < 2.0)
    rake (12.3.0)
    rb-fsevent (0.10.2)
    rb-inotify (0.9.10)
      ffi (>= 0.5.0, < 2)
    rsolr (1.0.10)
      builder (>= 2.1.2)
    rubycas-client (2.3.9)
      activesupport
    sass (3.5.5)
      sass-listen (~> 4.0.0)
    sass-listen (4.0.0)
      rb-fsevent (~> 0.9, >= 0.9.4)
      rb-inotify (~> 0.9, >= 0.9.7)
    sass-rails (5.0.7)
      railties (>= 4.0.0, < 6)
      sass (~> 3.1)
      sprockets (>= 2.8, < 4.0)
      sprockets-rails (>= 2.0, < 4.0)
      tilt (>= 1.1, < 3)
    simplecov (0.15.1)
      docile (~> 1.1.0)
      json (>= 1.8, < 3)
      simplecov-html (~> 0.10.0)
    simplecov-html (0.10.2)
    sprockets (3.7.1)
      concurrent-ruby (~> 1.0)
      rack (> 1, < 3)
    sprockets-rails (3.2.1)
      actionpack (>= 4.0)
      activesupport (>= 4.0)
      sprockets (>= 3.0.0)
    sunspot (2.1.1)
      pr_geohash (~> 1.0)
      rsolr (~> 1.0.7)
    sunspot_rails (2.1.1)
      nokogiri
      rails (>= 3)
      sunspot (= 2.1.1)
    sunspot_solr (2.1.1)
    test-unit (3.2.7)
      power_assert
    thor (0.20.0)
    thread_safe (0.3.6)
    tilt (2.0.8)
    ttfunk (1.5.1)
    tzinfo (1.2.5)
      thread_safe (~> 0.1)
    ucb_ldap (2.0.0.pre8)
      net-ldap (= 0.2.2)
    will_paginate (3.1.6)
    xpath (3.0.0)
      nokogiri (~> 1.8)

PLATFORMS
  ruby

DEPENDENCIES
  RedCloth
  ZenTest
  acts_as_list
  american_date
  autotest-rails
  bundler
  capybara
  capybara-webkit
  ccls-common_lib (> 0.9)
  chronic
  database_cleaner
  factory_bot_rails
  ffi (= 1.9.18)
  geocoder
  hpricot
  jakewendt-active_record_sunspotter
  jakewendt-html_test
  jakewendt-test_with_verbosity
  json
  minitest (= 5.3.3)
  mocha
  mysql
  mysql2
  net-ldap
  passenger
  prawn
  prawnto
  rack-ssl
  rails (~> 4)
  rails-dom-testing
  rsolr (< 1.0.11)
  rubycas-client
  sass
  sass-rails
  simplecov
  sunspot (= 2.1.1)
  sunspot_rails (= 2.1.1)
  sunspot_solr (= 2.1.1)
  test-unit
  ucb_ldap (~> 2.0.0.pre)
  will_paginate

BUNDLED WITH
   1.16.1
