GEM
  remote: https://rubygems.org/
  specs:
    RedCloth (4.2.9)
    ZenTest (4.11.0)
    actionmailer (4.1.10)
      actionpack (= 4.1.10)
      actionview (= 4.1.10)
      mail (~> 2.5, >= 2.5.4)
    actionpack (4.1.10)
      actionview (= 4.1.10)
      activesupport (= 4.1.10)
      rack (~> 1.5.2)
      rack-test (~> 0.6.2)
    actionview (4.1.10)
      activesupport (= 4.1.10)
      builder (~> 3.1)
      erubis (~> 2.7.0)
    activemodel (4.1.10)
      activesupport (= 4.1.10)
      builder (~> 3.1)
    activerecord (4.1.10)
      activemodel (= 4.1.10)
      activesupport (= 4.1.10)
      arel (~> 5.0.0)
    activesupport (4.1.10)
      i18n (~> 0.6, >= 0.6.9)
      json (~> 1.7, >= 1.7.7)
      minitest (~> 5.1)
      thread_safe (~> 0.1)
      tzinfo (~> 1.1)
    acts_as_list (0.7.2)
      activerecord (>= 3.0)
    american_date (1.1.0)
    arel (5.0.1.20140414130214)
    autotest-rails (4.2.1)
      ZenTest (~> 4.5)
    builder (3.2.2)
    capybara (2.4.4)
      mime-types (>= 1.16)
      nokogiri (>= 1.3.3)
      rack (>= 1.0.0)
      rack-test (>= 0.5.4)
      xpath (~> 2.0)
    capybara-webkit (1.5.2)
      capybara (>= 2.3.0, < 2.5.0)
      json
    ccls-common_lib (4.1.1)
    chronic (0.10.2)
    database_cleaner (1.4.1)
    docile (1.1.5)
    erubis (2.7.0)
    factory_girl (4.5.0)
      activesupport (>= 3.0.0)
    factory_girl_rails (4.5.0)
      factory_girl (~> 4.5.0)
      railties (>= 3.0.0)
    geocoder (1.2.8)
    highline (1.6.21)
    hpricot (0.8.6)
    i18n (0.7.0)
    jakewendt-active_record_sunspotter (4.3.1)
      progress_bar
      sunspot_rails
      sunspot_solr
      will_paginate
    jakewendt-html_test (4.0.0)
    jakewendt-test_with_verbosity (0.0.4)
    json (1.8.3)
    mail (2.6.3)
      mime-types (>= 1.16, < 3)
    metaclass (0.0.4)
    mime-types (2.6.1)
    mini_portile (0.6.2)
    minitest (5.3.3)
    mocha (1.1.0)
      metaclass (~> 0.0.1)
    mysql (2.9.1)
    mysql2 (0.3.18)
    net-ldap (0.2.2)
    nokogiri (1.6.6.2)
      mini_portile (~> 0.6.0)
    options (2.3.2)
    pdf-core (0.5.1)
    power_assert (0.2.3)
    pr_geohash (1.0.0)
    prawn (2.0.1)
      pdf-core (~> 0.5.1)
      ttfunk (~> 1.4.0)
    prawnto (0.1.1)
      prawn
      rails (>= 2.1)
    progress_bar (1.0.3)
      highline (~> 1.6.1)
      options (~> 2.3.0)
    rack (1.5.3)
    rack-ssl (1.4.1)
      rack
    rack-test (0.6.3)
      rack (>= 1.0)
    rails (4.1.10)
      actionmailer (= 4.1.10)
      actionpack (= 4.1.10)
      actionview (= 4.1.10)
      activemodel (= 4.1.10)
      activerecord (= 4.1.10)
      activesupport (= 4.1.10)
      bundler (>= 1.3.0, < 2.0)
      railties (= 4.1.10)
      sprockets-rails (~> 2.0)
    rails-dom-testing (1.0.0)
      activesupport
      nokogiri (~> 1.6.0)
    railties (4.1.10)
      actionpack (= 4.1.10)
      activesupport (= 4.1.10)
      rake (>= 0.8.7)
      thor (>= 0.18.1, < 2.0)
    rake (10.4.2)
    rsolr (1.0.10)
      builder (>= 2.1.2)
    rubycas-client (2.3.9)
      activesupport
    sass (3.4.14)
    sass-rails (5.0.3)
      railties (>= 4.0.0, < 5.0)
      sass (~> 3.1)
      sprockets (>= 2.8, < 4.0)
      sprockets-rails (>= 2.0, < 4.0)
      tilt (~> 1.1)
    simplecov (0.10.0)
      docile (~> 1.1.0)
      json (~> 1.8)
      simplecov-html (~> 0.10.0)
    simplecov-html (0.10.0)
    sprockets (3.2.0)
      rack (~> 1.0)
    sprockets-rails (2.3.1)
      actionpack (>= 3.0)
      activesupport (>= 3.0)
      sprockets (>= 2.8, < 4.0)
    sunspot (2.1.1)
      pr_geohash (~> 1.0)
      rsolr (~> 1.0.7)
    sunspot_rails (2.1.1)
      nokogiri
      rails (>= 3)
      sunspot (= 2.1.1)
    sunspot_solr (2.1.1)
    test-unit (3.1.1)
      power_assert
    thor (0.19.1)
    thread_safe (0.3.5)
    tilt (1.4.1)
    ttfunk (1.4.0)
    tzinfo (1.2.2)
      thread_safe (~> 0.1)
    ucb_ldap (2.0.0.pre5)
      net-ldap (= 0.2.2)
    will_paginate (3.0.7)
    xpath (2.0.0)
      nokogiri (~> 1.3)

PLATFORMS
  ruby

DEPENDENCIES
  RedCloth
  ZenTest
  acts_as_list
  american_date
  autotest-rails
  bundler
  capybara
  capybara-webkit
  ccls-common_lib (> 0.9)
  chronic
  database_cleaner
  factory_girl_rails
  geocoder
  hpricot
  jakewendt-active_record_sunspotter
  jakewendt-html_test
  jakewendt-test_with_verbosity
  json
  minitest (= 5.3.3)
  mocha
  mysql
  mysql2
  net-ldap
  prawn
  prawnto
  rack-ssl
  rails (~> 4.1.8)
  rails-dom-testing
  rsolr (< 1.0.11)
  rubycas-client
  sass
  sass-rails
  simplecov
  sunspot (= 2.1.1)
  sunspot_rails (= 2.1.1)
  sunspot_solr (= 2.1.1)
  test-unit
  ucb_ldap (~> 2.0.0.pre)
  will_paginate

BUNDLED WITH
   1.10.3
